GEM
  remote: http://rubygems.org/
  specs:
    colorize (0.5.8)
    dnsruby (1.53)
    snmp (1.1.0)

PLATFORMS
  ruby

DEPENDENCIES
  colorize
  dnsruby
  snmp
